PATH
  remote: .
  specs:
    wave_to_json (0.0.2)
      oj (~> 3.0)

GEM
  remote: http://rubygems.org/
  specs:
    diff-lcs (1.2.4)
    oj (3.14.2)
    rake (10.1.0)
    rspec (2.14.1)
      rspec-core (~> 2.14.0)
      rspec-expectations (~> 2.14.0)
      rspec-mocks (~> 2.14.0)
    rspec-core (2.14.4)
    rspec-expectations (2.14.0)
      diff-lcs (>= 1.1.3, < 2.0)
    rspec-mocks (2.14.2)

PLATFORMS
  ruby

DEPENDENCIES
  rake
  rspec
  wave_to_json!
  